PATH
  remote: .
  specs:
    teneggs (0.1.0)
      dotenv
      twitch-bot (~> 1.0)

GEM
  remote: https://rubygems.org/
  specs:
    ast (2.4.0)
    dotenv (2.7.5)
    freistil-rubocop (0.1.3)
      rubocop (~> 0.65.0)
      rubocop-rspec (~> 1.29, >= 1.29.1)
    jaro_winkler (1.5.4)
    parallel (1.19.1)
    parser (2.7.0.5)
      ast (~> 2.4.0)
    powerpack (0.1.2)
    psych (3.1.0)
    rainbow (3.0.0)
    rubocop (0.65.0)
      jaro_winkler (~> 1.5.1)
      parallel (~> 1.10)
      parser (>= 2.5, != 2.5.1.1)
      powerpack (~> 0.1)
      psych (>= 3.1.0)
      rainbow (>= 2.2.2, < 4.0)
      ruby-progressbar (~> 1.7)
      unicode-display_width (~> 1.4.0)
    rubocop-rspec (1.35.0)
      rubocop (>= 0.60.0)
    ruby-progressbar (1.10.1)
    twitch-bot (1.0.0)
    unicode-display_width (1.4.1)

PLATFORMS
  ruby

DEPENDENCIES
  freistil-rubocop
  teneggs!

BUNDLED WITH
   2.1.4
